GEM
  remote: https://rubygems.org/
  specs:
    json (2.1.0)

PLATFORMS
  ruby

DEPENDENCIES
  json

BUNDLED WITH
   1.16.0.pre.2
